PATH
  remote: .
  specs:
    rulers (0.1.0)
      erubis
      multi_json
      rack

GEM
  remote: https://rubygems.org/
  specs:
    erubis (2.7.0)
    multi_json (1.13.1)
    power_assert (1.1.3)
    rack (2.0.5)
    rack-test (1.1.0)
      rack (>= 1.0, < 3)
    rake (10.5.0)
    test-unit (3.2.8)
      power_assert

PLATFORMS
  ruby

DEPENDENCIES
  bundler (~> 1.16)
  rack-test
  rake (~> 10.0)
  rulers!
  test-unit

BUNDLED WITH
   1.16.4
